GEM
  remote: https://rubygems.org/
  specs:
    clap (1.0.0)
    concurrent-ruby (1.1.7)
    cuba (3.9.3)
      rack (>= 1.6.0)
    cutest (1.2.3)
      clap
    nio4r (2.5.4)
    puma (5.1.1)
      nio4r (~> 2.0)
    rack (2.2.3)
    rack-test (1.1.0)
      rack (>= 1.0, < 3)
    rake (13.0.1)

PLATFORMS
  ruby

DEPENDENCIES
  concurrent-ruby
  cuba
  cutest
  puma
  rack-test
  rake

BUNDLED WITH
   2.1.4
